GIT
  remote: git://github.com/djstrong/progress.git
  revision: 46b34854f62c5f96a116cd971cd6d6226796e35c
  specs:
    progress (3.0.0)

PATH
  remote: .
  specs:
    cyclopedio-syntax (0.1.0)
      rubytree

PATH
  remote: ../wiki
  specs:
    cyclopedio-wiki (0.1.0)
      rod (~> 0.7.4.0)

GEM
  remote: http://rubygems.org/
  specs:
    RubyInline (3.12.4)
      ZenTest (~> 4.3)
    ZenTest (4.11.0)
    activemodel (3.2.22)
      activesupport (= 3.2.22)
      builder (~> 3.0.0)
    activesupport (3.2.22)
      i18n (~> 0.6, >= 0.6.4)
      multi_json (~> 1.0)
    bsearch (1.5.0)
    builder (3.0.4)
    colors (0.0.7)
    cycr (0.2.7)
      ref (~> 1.0.0)
    diff-lcs (1.2.5)
    english (0.5.0)
    faraday (0.9.1)
      multipart-post (>= 1.2, < 3)
    htmlentities (4.3.4)
    i18n (0.7.0)
    json (1.8.2)
    link_header (0.0.8)
    multi_json (1.11.2)
    multipart-post (2.0.0)
    net-http-persistent (2.9.4)
    rack (1.6.4)
    rack-protection (1.5.3)
      rack
    rake (10.4.2)
    rdf (1.1.14)
      link_header (~> 0.0, >= 0.0.8)
    ref (1.0.5)
    rod (0.7.4.1)
      RubyInline (>= 3.10.0, < 4.0.0)
      activemodel (~> 3.2, >= 3.2.2)
      bsearch (>= 1.5.0, < 1.6.0)
      english (>= 0.5.0, < 0.6.0)
      ref (>= 1.0.5, < 2.0.0)
    rod-rest (0.5.2)
      faraday
      rod
      sinatra
    rr (1.1.2)
    rspec (3.2.0)
      rspec-core (~> 3.2.0)
      rspec-expectations (~> 3.2.0)
      rspec-mocks (~> 3.2.0)
    rspec-core (3.2.3)
      rspec-support (~> 3.2.0)
    rspec-expectations (3.2.1)
      diff-lcs (>= 1.2.0, < 2.0)
      rspec-support (~> 3.2.0)
    rspec-mocks (3.2.1)
      diff-lcs (>= 1.2.0, < 2.0)
      rspec-support (~> 3.2.0)
    rspec-support (3.2.2)
    rubytree (0.9.4)
      json (~> 1.8)
      structured_warnings (~> 0.1)
    sinatra (1.4.6)
      rack (~> 1.4)
      rack-protection (~> 1.4)
      tilt (>= 1.3, < 3)
    slop (3.6.0)
    structured_warnings (0.2.0)
    tilt (2.0.1)
    wiktionary (0.1.0)

PLATFORMS
  ruby

DEPENDENCIES
  colors
  cyclopedio-syntax!
  cyclopedio-wiki!
  cycr
  htmlentities
  net-http-persistent
  progress!
  rake
  rdf
  rod (~> 0.7.4.1)
  rod-rest
  rr (~> 1.1.2)
  rspec (~> 3.2.0)
  slop (~> 3.6.0)
  wiktionary
